GEM
  remote: https://rubygems.org/
  specs:
    activemodel (7.0.4.2)
      activesupport (= 7.0.4.2)
    activesupport (7.0.4.2)
      concurrent-ruby (~> 1.0, >= 1.0.2)
      i18n (>= 1.6, < 2)
      minitest (>= 5.1)
      tzinfo (~> 2.0)
    addressable (2.5.1)
      public_suffix (~> 2.0, >= 2.0.2)
    ast (2.3.0)
    concurrent-ruby (1.2.0)
    crack (0.4.3)
      safe_yaml (~> 1.0.0)
    diff-lcs (1.3)
    domain_name (0.5.20170404)
      unf (>= 0.0.5, < 1.0.0)
    dotenv (2.2.1)
    faraday (0.12.1)
      multipart-post (>= 1.2, < 3)
    hashdiff (0.3.4)
    http-cookie (1.0.3)
      domain_name (~> 0.5)
    i18n (1.12.0)
      concurrent-ruby (~> 1.0)
    json (2.1.0)
    launchy (2.4.3)
      addressable (~> 2.3)
    memoist (0.15.0)
    mime-types (3.1)
      mime-types-data (~> 3.2015)
    mime-types-data (3.2016.0521)
    minitest (5.17.0)
    multipart-post (2.0.0)
    netrc (0.11.0)
    oauth (0.5.3)
    octokit (4.7.0)
      sawyer (~> 0.8.0, >= 0.5.3)
    parallel (1.11.2)
    parser (2.4.0.0)
      ast (~> 2.2)
    powerpack (0.1.1)
    public_suffix (2.0.5)
    rainbow (2.2.2)
      rake
    rake (12.0.0)
    rest-client (2.0.2)
      http-cookie (>= 1.0.2, < 2.0)
      mime-types (>= 1.16, < 4.0)
      netrc (~> 0.8)
    rspec (3.6.0)
      rspec-core (~> 3.6.0)
      rspec-expectations (~> 3.6.0)
      rspec-mocks (~> 3.6.0)
    rspec-core (3.6.0)
      rspec-support (~> 3.6.0)
    rspec-expectations (3.6.0)
      diff-lcs (>= 1.2.0, < 2.0)
      rspec-support (~> 3.6.0)
    rspec-mocks (3.6.0)
      diff-lcs (>= 1.2.0, < 2.0)
      rspec-support (~> 3.6.0)
    rspec-support (3.6.0)
    rubocop (0.49.1)
      parallel (~> 1.10)
      parser (>= 2.3.3.1, < 3.0)
      powerpack (~> 0.1)
      rainbow (>= 1.99.1, < 3.0)
      ruby-progressbar (~> 1.7)
      unicode-display_width (~> 1.0, >= 1.0.1)
    ruby-progressbar (1.8.1)
    ruby-trello (2.0.0)
      activemodel (>= 3.2.0)
      addressable (~> 2.3)
      json
      oauth (>= 0.4.5)
      rest-client (>= 1.8.0)
    safe_yaml (1.0.4)
    sawyer (0.8.1)
      addressable (>= 2.3.5, < 2.6)
      faraday (~> 0.8, < 1.0)
    tzinfo (2.0.6)
      concurrent-ruby (~> 1.0)
    unf (0.1.4)
      unf_ext
    unf_ext (0.0.7.4)
    unicode-display_width (1.2.1)
    webmock (2.3.2)
      addressable (>= 2.3.6)
      crack (>= 0.3.2)
      hashdiff

PLATFORMS
  ruby

DEPENDENCIES
  dotenv
  launchy
  memoist
  octokit
  rake
  rspec
  rubocop
  ruby-trello
  webmock

BUNDLED WITH
   1.14.3
